GEM
  remote: http://rubygems.org/
  specs:
    rack (1.4.1)
    redcarpet (2.1.0)
    yard (0.7.5)

PLATFORMS
  ruby

DEPENDENCIES
  rack
  redcarpet
  yard
